GEM
  remote: https://rubygems.org/
  specs:
    aws-sdk (2.1.1)
      aws-sdk-resources (= 2.1.1)
    aws-sdk-core (2.1.1)
      jmespath (~> 1.0)
    aws-sdk-resources (2.1.1)
      aws-sdk-core (= 2.1.1)
    dotenv (2.0.1)
    jmespath (1.0.2)
      multi_json (~> 1.0)
    mini_portile (0.6.2)
    multi_json (1.11.1)
    nokogiri (1.6.6.2)
      mini_portile (~> 0.6.0)

PLATFORMS
  ruby

DEPENDENCIES
  aws-sdk
  dotenv
  nokogiri

BUNDLED WITH
   1.10.3
