GEM
  remote: https://rubygems.org/
  specs:
    aws-sdk (2.0.40)
      aws-sdk-resources (= 2.0.40)
    aws-sdk-core (2.0.40)
      builder (~> 3.0)
      jmespath (~> 1.0)
      multi_json (~> 1.0)
    aws-sdk-resources (2.0.40)
      aws-sdk-core (= 2.0.40)
    builder (3.2.2)
    coderay (1.1.0)
    dotenv (2.0.1)
    jmespath (1.0.2)
      multi_json (~> 1.0)
    method_source (0.8.2)
    multi_json (1.11.0)
    mysql2 (0.3.18)
    php-serialize (1.1.0)
    pry (0.10.1)
      coderay (~> 1.1.0)
      method_source (~> 0.8.1)
      slop (~> 3.4)
    ruby-wpdb (1.2.2)
      mysql2 (~> 0.3)
      php-serialize (~> 1.1)
      pry (~> 0.9)
      sequel (~> 4.2)
      sequel_sluggable (~> 0.0.6)
      thor (~> 0.18)
    sequel (4.21.0)
    sequel_sluggable (0.0.6)
      sequel (>= 3.0.0)
    slop (3.6.0)
    thor (0.19.1)

PLATFORMS
  ruby

DEPENDENCIES
  aws-sdk
  dotenv
  ruby-wpdb
